GEM
  remote: https://rubygems.org/
  specs:
    webrick (1.7.0)

PLATFORMS
  x86_64-linux

DEPENDENCIES
  bundler
  webrick

BUNDLED WITH
   2.3.26
